PATH
  remote: .
  specs:
    git-age (0.1.6)

GEM
  remote: https://rubygems.org/
  specs:
    minitest (5.14.4)
    rake (12.3.3)

PLATFORMS
  ruby

DEPENDENCIES
  git-age!
  minitest (~> 5.0)
  rake (~> 12.0)

BUNDLED WITH
   2.1.4
