PATH
  remote: .
  specs:
    git-age (0.1.9)

GEM
  remote: https://rubygems.org/
  specs:
    minitest (5.25.5)
    rake (12.3.3)

PLATFORMS
  ruby
  x86_64-linux

DEPENDENCIES
  git-age!
  minitest (~> 5.0)
  rake (~> 12.0)

BUNDLED WITH
   2.6.9
